GIT
  remote: git://github.com/kristianmandrup/imperator.git
  revision: d64c9d0123aa190811330898c60350f18dd3ed71
  specs:
    imperator (0.3.0)
      activemodel
      uuid
      virtus

GEM
  remote: http://rubygems.org/
  specs:
    actionpack (3.2.7)
      activemodel (= 3.2.7)
      activesupport (= 3.2.7)
      builder (~> 3.0.0)
      erubis (~> 2.7.0)
      journey (~> 1.0.4)
      rack (~> 1.4.0)
      rack-cache (~> 1.2)
      rack-test (~> 0.6.1)
      sprockets (~> 2.1.3)
    activemodel (3.2.7)
      activesupport (= 3.2.7)
      builder (~> 3.0.0)
    activesupport (3.2.7)
      i18n (~> 0.6)
      multi_json (~> 1.0)
    backports (2.6.2)
    builder (3.0.0)
    diff-lcs (1.1.3)
    erubis (2.7.0)
    focused_controller (0.1.0)
      actionpack (~> 3.0)
    git (1.2.5)
    hashie (1.2.0)
    hike (1.2.1)
    i18n (0.6.0)
    jeweler (1.8.4)
      bundler (~> 1.0)
      git (>= 1.2.5)
      rake
      rdoc
    journey (1.0.4)
    json (1.7.4)
    liquid (2.3.0)
    macaddr (1.6.1)
      systemu (~> 2.5.0)
    multi_json (1.3.6)
    rack (1.4.1)
    rack-cache (1.2)
      rack (>= 0.4)
    rack-test (0.6.1)
      rack (>= 1.0)
    rake (0.9.2.2)
    rdoc (3.12)
      json (~> 1.4)
    rspec (2.11.0)
      rspec-core (~> 2.11.0)
      rspec-expectations (~> 2.11.0)
      rspec-mocks (~> 2.11.0)
    rspec-core (2.11.1)
    rspec-expectations (2.11.2)
      diff-lcs (~> 1.1.3)
    rspec-mocks (2.11.1)
    simplecov (0.6.4)
      multi_json (~> 1.0)
      simplecov-html (~> 0.5.3)
    simplecov-html (0.5.3)
    sprockets (2.1.3)
      hike (~> 1.2)
      rack (~> 1.0)
      tilt (~> 1.1, != 1.3.0)
    systemu (2.5.2)
    tilt (1.3.3)
    uuid (2.3.5)
      macaddr (~> 1.0)
    virtus (0.5.1)
      backports (~> 2.6.1)

PLATFORMS
  ruby

DEPENDENCIES
  bundler (>= 1.0.0)
  focused_controller
  hashie (~> 1.2)
  imperator!
  jeweler (>= 1.8.4)
  liquid
  rdoc (>= 3.12)
  rspec (>= 2.8.0)
  simplecov (>= 0.5)
